GEM
  specs:
    minitest (5.25.5)

PLATFORMS
  arm64-darwin-23
  ruby

DEPENDENCIES
  minitest (~> 5.25)

BUNDLED WITH
   2.7.1
